GIT
  remote: git://github.com/hyperoslo/facebook-messenger.git
  revision: 6246583293969fa59174b6e2814d307567b12b0c
  specs:
    facebook-messenger (0.11.1)
      httparty (~> 0.13, >= 0.13.7)
      rack (>= 1.6.4)

GEM
  remote: https://rubygems.org/
  specs:
    daemons (1.2.4)
    eventmachine (1.2.3)
    httparty (0.14.0)
      multi_xml (>= 0.5.2)
    multi_xml (0.6.0)
    rack (1.6.5)
    rack-protection (1.5.3)
      rack
    ruby_http_client (3.0.1)
    sendgrid-ruby (4.0.8)
      ruby_http_client (~> 3.0.1)
    sinatra (1.4.8)
      rack (~> 1.5)
      rack-protection (~> 1.4)
      tilt (>= 1.3, < 3)
    thin (1.7.0)
      daemons (~> 1.0, >= 1.0.9)
      eventmachine (~> 1.0, >= 1.0.4)
      rack (>= 1, < 3)
    tilt (2.0.6)
    wit (4.1.0)

PLATFORMS
  ruby

DEPENDENCIES
  facebook-messenger!
  sendgrid-ruby
  sinatra
  thin
  wit

RUBY VERSION
   ruby 2.4.0p0

BUNDLED WITH
   1.14.3
