GEM
  remote: https://rubygems.org/
  specs:
    facebook-messenger (0.11.1)
      httparty (~> 0.13, >= 0.13.7)
      rack (>= 1.6.4)
    httparty (0.14.0)
      multi_xml (>= 0.5.2)
    multi_xml (0.6.0)
    rack (1.6.5)
    wit (4.1.0)

PLATFORMS
  ruby

DEPENDENCIES
  facebook-messenger
  wit

RUBY VERSION
   ruby 2.4.0p0

BUNDLED WITH
   1.14.3
